GEM
  remote: https://rubygems.org/
  specs:
    fileutils (1.5.0)
    mini_magick (4.3.6)
    mini_portile2 (2.4.0)
    nokogiri (1.10.10)
      mini_portile2 (~> 2.4.0)
    os (0.9.6)
    piet (0.2.6)
      png_quantizator
    piet-binary (0.2.0)
      os (~> 0.9.6)
      piet (>= 0.2.0)
      png_quantizator
    png_quantizator (0.2.1)
    rake (13.0.3)

PLATFORMS
  ruby

DEPENDENCIES
  fileutils
  mini_magick
  nokogiri
  piet
  piet-binary
  rake (~> 13.0)

RUBY VERSION
   ruby 2.4.3p205

BUNDLED WITH
   2.0.2
